GEM
  remote: https://rubygems.org/
  specs:
    mini_portile2 (2.4.0)
    nokogiri (1.10.10)
      mini_portile2 (~> 2.4.0)
    nokogiri-happymapper (0.6.0)
      nokogiri (~> 1.5)

PLATFORMS
  ruby

DEPENDENCIES
  nokogiri-happymapper

BUNDLED WITH
   1.16.1
